GIT
  remote: https://github.com/ctran/annotate_models.git
  revision: 18cd39ad01829deba5aa34634b8540d6675ab978
  specs:
    annotate (2.4.1.beta1)

GEM
  remote: http://rubygems.org/
  specs:
    actionmailer (3.2.3)
      actionpack (= 3.2.3)
      mail (~> 2.4.4)
    actionpack (3.2.3)
      activemodel (= 3.2.3)
      activesupport (= 3.2.3)
      builder (~> 3.0.0)
      erubis (~> 2.7.0)
      journey (~> 1.0.1)
      rack (~> 1.4.0)
      rack-cache (~> 1.2)
      rack-test (~> 0.6.1)
      sprockets (~> 2.1.2)
    activeadmin (0.4.4)
      bourbon (>= 1.0.0)
      devise (>= 1.1.2)
      fastercsv
      formtastic (~> 2.1.1)
      inherited_resources (>= 1.3.1)
      jquery-rails (>= 1.0.0)
      kaminari (>= 0.13.0)
      meta_search (>= 0.9.2)
      rails (>= 3.0.0)
      sass (>= 3.1.0)
    activemodel (3.2.3)
      activesupport (= 3.2.3)
      builder (~> 3.0.0)
    activerecord (3.2.3)
      activemodel (= 3.2.3)
      activesupport (= 3.2.3)
      arel (~> 3.0.2)
      tzinfo (~> 0.3.29)
    activeresource (3.2.3)
      activemodel (= 3.2.3)
      activesupport (= 3.2.3)
    activesupport (3.2.3)
      i18n (~> 0.6)
      multi_json (~> 1.0)
    addressable (2.2.8)
    airbrake (3.0.9)
      activesupport
      builder
    arel (3.0.2)
    bcrypt-ruby (3.0.1)
    best_in_place (1.1.2)
      jquery-rails
      rails (~> 3.1)
    bourbon (2.1.0)
      sass (>= 3.1)
    builder (3.0.0)
    chosen-rails (0.9.8)
      railties (~> 3.0)
      thor (~> 0.14)
    coderay (1.0.6)
    coffee-rails (3.2.2)
      coffee-script (>= 2.2.0)
      railties (~> 3.2.0)
    coffee-script (2.2.0)
      coffee-script-source
      execjs
    coffee-script-source (1.3.3)
    daemons (1.1.8)
    devise (2.1.0)
      bcrypt-ruby (~> 3.0)
      orm_adapter (~> 0.0.7)
      railties (~> 3.1)
      warden (~> 1.1.1)
    erubis (2.7.0)
    eventmachine (0.12.10)
    excon (0.13.4)
    execjs (1.4.0)
      multi_json (~> 1.0)
    faker (1.0.1)
      i18n (~> 0.4)
    fancybox-rails (0.1.4)
      railties (>= 3.1.0)
    fastercsv (1.5.5)
    formtastic (2.1.1)
      actionpack (~> 3.0)
    googlecharts (1.6.8)
    haml (3.1.6)
    has_scope (0.5.1)
    hash_syntax (1.0.0)
      object_regex (~> 1.0.1)
      trollop (~> 1.16.2)
    heroku (2.26.2)
      heroku-api (~> 0.2.1)
      launchy (>= 0.3.2)
      netrc (~> 0.7.2)
      rest-client (~> 1.6.1)
      rubyzip
    heroku-api (0.2.1)
      excon (~> 0.13.3)
    hike (1.2.1)
    i18n (0.6.0)
    inherited_resources (1.3.1)
      has_scope (~> 0.5.0)
      responders (~> 0.6)
    journey (1.0.3)
    jquery-rails (2.0.2)
      railties (>= 3.2.0, < 5.0)
      thor (~> 0.14)
    json (1.7.3)
    kaminari (0.13.0)
      actionpack (>= 3.0.0)
      activesupport (>= 3.0.0)
      railties (>= 3.0.0)
    launchy (2.1.0)
      addressable (~> 2.2.6)
    libv8 (3.3.10.4)
    mail (2.4.4)
      i18n (>= 0.4.0)
      mime-types (~> 1.16)
      treetop (~> 1.4.8)
    mailcatcher (0.5.6)
      activesupport (~> 3.0)
      eventmachine (~> 0.12)
      haml (~> 3.1)
      mail (~> 2.3)
      sinatra (~> 1.2)
      skinny (~> 0.2)
      sqlite3 (~> 1.3)
      thin (~> 1.2)
    meta_search (1.1.3)
      actionpack (~> 3.1)
      activerecord (~> 3.1)
      activesupport (~> 3.1)
      polyamorous (~> 0.5.0)
    method_source (0.7.1)
    mime-types (1.18)
    multi_json (1.3.5)
    mysql2 (0.3.11)
    netrc (0.7.2)
    object_regex (1.0.1)
    orm_adapter (0.0.7)
    pg (0.13.2)
    polyamorous (0.5.0)
      activerecord (~> 3.0)
    polyglot (0.3.3)
    pry (0.9.9.6)
      coderay (~> 1.0.5)
      method_source (~> 0.7.1)
      slop (>= 2.4.4, < 3)
    pry-rails (0.1.6)
      pry
    rack (1.4.1)
    rack-cache (1.2)
      rack (>= 0.4)
    rack-protection (1.2.0)
      rack
    rack-ssl (1.3.2)
      rack
    rack-test (0.6.1)
      rack (>= 1.0)
    rails (3.2.3)
      actionmailer (= 3.2.3)
      actionpack (= 3.2.3)
      activerecord (= 3.2.3)
      activeresource (= 3.2.3)
      activesupport (= 3.2.3)
      bundler (~> 1.0)
      railties (= 3.2.3)
    railties (3.2.3)
      actionpack (= 3.2.3)
      activesupport (= 3.2.3)
      rack-ssl (~> 1.3.2)
      rake (>= 0.8.7)
      rdoc (~> 3.4)
      thor (~> 0.14.6)
    rake (0.9.2.2)
    rdoc (3.12)
      json (~> 1.4)
    responders (0.9.1)
      railties (~> 3.1)
    rest-client (1.6.7)
      mime-types (>= 1.16)
    rubyzip (0.9.8)
    rufus-scheduler (2.0.16)
      tzinfo (>= 0.3.23)
    sass (3.1.19)
    sass-rails (3.2.5)
      railties (~> 3.2.0)
      sass (>= 3.1.10)
      tilt (~> 1.3)
    sinatra (1.3.2)
      rack (~> 1.3, >= 1.3.6)
      rack-protection (~> 1.2)
      tilt (~> 1.3, >= 1.3.3)
    skinny (0.2.0)
      eventmachine (~> 0.12)
      thin (~> 1.2)
    slop (2.4.4)
    sprockets (2.1.3)
      hike (~> 1.2)
      rack (~> 1.0)
      tilt (~> 1.1, != 1.3.0)
    sqlite3 (1.3.6)
    therubyracer (0.10.1)
      libv8 (~> 3.3.10)
    thin (1.3.1)
      daemons (>= 1.0.9)
      eventmachine (>= 0.12.6)
      rack (>= 1.0.0)
    thor (0.14.6)
    tilt (1.3.3)
    timeliness (0.3.6)
    tinymce-rails (3.5)
      railties (>= 3.1.1)
    treetop (1.4.10)
      polyglot
      polyglot (>= 0.3.1)
    trollop (1.16.2)
    tzinfo (0.3.33)
    uglifier (1.2.4)
      execjs (>= 0.3.0)
      multi_json (>= 1.0.2)
    validates_timeliness (3.0.11)
      timeliness (~> 0.3.6)
    warden (1.1.1)
      rack (>= 1.0)

PLATFORMS
  ruby

DEPENDENCIES
  activeadmin
  airbrake
  annotate!
  best_in_place
  chosen-rails
  coffee-rails
  faker
  fancybox-rails
  formtastic (~> 2.1.1)
  googlecharts
  hash_syntax
  heroku
  jquery-rails
  mailcatcher
  meta_search
  mysql2
  pg
  pry-rails
  rails (= 3.2.3)
  rufus-scheduler
  sass-rails
  therubyracer
  thin
  tinymce-rails
  uglifier
  validates_timeliness
